GEM
  remote: http://rubygems.org/
  specs:
    RedCloth (4.2.9)
    actionmailer (2.3.11)
      actionpack (= 2.3.11)
    actionpack (2.3.11)
      activesupport (= 2.3.11)
      rack (~> 1.1.0)
    activerecord (2.3.11)
      activesupport (= 2.3.11)
    activeresource (2.3.11)
      activesupport (= 2.3.11)
    activesupport (2.3.11)
    authlogic (2.1.2)
      activesupport
    behavior (0.1.1)
    builder (2.1.2)
    cucumber (0.8.5)
      builder (~> 2.1.2)
      diff-lcs (~> 1.1.2)
      gherkin (~> 2.1.4)
      json_pure (~> 1.4.3)
      term-ansicolor (~> 1.0.4)
    cucumber-rails (0.2.4)
      cucumber (>= 0.6.2)
    database_cleaner (0.2.3)
    diff-lcs (1.1.3)
    email_spec (0.3.8)
    faker (1.0.1)
      i18n (~> 0.4)
    fastercsv (1.5.4)
    gherkin (2.1.5)
      trollop (~> 1.16.2)
    highline (1.5.2)
    hpricot (0.8.5)
    i18n (0.6.0)
    json (1.6.3)
    json_pure (1.4.6)
    machinist (1.0.6)
    mime-types (1.17.2)
    multi_json (1.0.4)
    mysql (2.8.1)
    nokogiri (1.5.0)
    rack (1.1.2)
    rails (2.3.11)
      actionmailer (= 2.3.11)
      actionpack (= 2.3.11)
      activerecord (= 2.3.11)
      activeresource (= 2.3.11)
      activesupport (= 2.3.11)
      rake (>= 0.8.3)
    rake (0.9.2.2)
    rest-client (1.6.7)
      mime-types (>= 1.16)
    rspec (1.3.2)
    rspec-core (2.7.1)
    rspec-expectations (2.7.0)
      diff-lcs (~> 1.1.2)
    rspec-mocks (2.7.0)
    rspec-rails (1.3.4)
      rack (>= 1.0.0)
      rspec (~> 1.3.1)
    term-ansicolor (1.0.7)
    trollop (1.16.2)
    webrat (0.6.0)
      nokogiri (>= 1.2.0)
      rack (>= 1.0)

PLATFORMS
  ruby

DEPENDENCIES
  RedCloth (= 4.2.9)
  authlogic (= 2.1.2)
  behavior (= 0.1.1)
  builder (= 2.1.2)
  bundler (= 1.0.21)
  cucumber (= 0.8.5)
  cucumber-rails (= 0.2.4)
  database_cleaner (= 0.2.3)
  diff-lcs (= 1.1.3)
  email_spec (= 0.3.8)
  faker (= 1.0.1)
  fastercsv (= 1.5.4)
  gherkin (= 2.1.5)
  highline (= 1.5.2)
  hpricot (= 0.8.5)
  i18n (= 0.6.0)
  json (= 1.6.3)
  json_pure (= 1.4.6)
  machinist (= 1.0.6)
  mime-types (= 1.17.2)
  multi_json (= 1.0.4)
  mysql (= 2.8.1)
  nokogiri (= 1.5.0)
  rack (~> 1.1.0)
  rails (= 2.3.11)
  rake (= 0.9.2.2)
  rest-client (= 1.6.7)
  rspec (= 1.3.2)
  rspec-core (= 2.7.1)
  rspec-expectations (= 2.7.0)
  rspec-mocks (= 2.7.0)
  rspec-rails (= 1.3.4)
  term-ansicolor (= 1.0.7)
  trollop (= 1.16.2)
  webrat (= 0.6.0)
